GEM
  remote: https://rubygems.org/
  specs:
    ZenTest (4.9.0)
    actionmailer (4.0.0.beta1)
      actionpack (= 4.0.0.beta1)
      mail (~> 2.5.3)
    actionpack (4.0.0.beta1)
      activesupport (= 4.0.0.beta1)
      builder (~> 3.1.0)
      erubis (~> 2.7.0)
      rack (~> 1.5.2)
      rack-test (~> 0.6.2)
    activemodel (4.0.0.beta1)
      activesupport (= 4.0.0.beta1)
      builder (~> 3.1.0)
    activerecord (4.0.0.beta1)
      activemodel (= 4.0.0.beta1)
      activerecord-deprecated_finders (~> 0.0.3)
      activesupport (= 4.0.0.beta1)
      arel (~> 4.0.0.beta1)
    activerecord-deprecated_finders (0.0.3)
    activesupport (4.0.0.beta1)
      i18n (~> 0.6.2)
      minitest (~> 4.2)
      multi_json (~> 1.3)
      thread_safe (~> 0.1)
      tzinfo (~> 0.3.33)
    addressable (2.3.3)
    arel (4.0.0.beta1)
    atomic (1.0.1)
    autotest-fsevent (0.2.8)
      sys-uname
    autotest-growl (0.2.16)
    autotest-rails (4.1.2)
      ZenTest (~> 4.5)
    awesome_print (1.0.2)
    bcrypt-ruby (3.0.1)
    boson (1.2.4)
    builder (3.1.4)
    clipboard (1.0.1)
    coderay (1.0.9)
    coffee-rails (4.0.0.beta1)
      coffee-script (>= 2.2.0)
      railties (>= 4.0.0.beta, < 5.0)
    coffee-script (2.2.0)
      coffee-script-source
      execjs
    coffee-script-source (1.5.0)
    em-websocket (0.5.0)
      eventmachine (>= 0.12.9)
      http_parser.rb (~> 0.5.3)
    erubis (2.7.0)
    eventmachine (1.0.1)
    every_day_irb (1.4.0)
    excon (0.20.1)
    execjs (1.4.0)
      multi_json (~> 1.0)
    fancy_irb (0.7.3)
      paint (>= 0.8.1)
      unicode-display_width (>= 0.1.1)
    ffi (1.4.0)
    g (1.7.2)
    growl (1.0.3)
    guard (1.6.2)
      listen (>= 0.6.0)
      lumberjack (>= 1.0.2)
      pry (>= 0.9.10)
      terminal-table (>= 1.4.3)
      thor (>= 0.14.6)
    guard-bundler (1.0.0)
      bundler (~> 1.0)
      guard (~> 1.1)
    guard-livereload (1.1.3)
      em-websocket (>= 0.2.0)
      guard (>= 1.5.0)
      multi_json (~> 1.0)
    guard-rails (0.4.1)
      guard (>= 0.2.2)
    heroku (2.37.2)
      heroku-api (~> 0.3.7)
      launchy (>= 0.3.2)
      netrc (~> 0.7.7)
      rest-client (~> 1.6.1)
      rubyzip
    heroku-api (0.3.9)
      excon (~> 0.20.1)
    hike (1.2.1)
    hirb (0.7.1)
    http_parser.rb (0.5.3)
    i18n (0.6.2)
    interactive_editor (0.0.10)
      spoon (>= 0.0.1)
    irbtools (1.4.0)
      awesome_print (~> 1.0.2)
      boson (~> 1.2.4)
      clipboard (~> 1.0.1)
      coderay (~> 1.0.8)
      every_day_irb (>= 1.4.0)
      fancy_irb (>= 0.7.3)
      g (>= 1.7.1)
      hirb (~> 0.7.0)
      interactive_editor (>= 0.0.10)
      method_locator (>= 0.0.4)
      method_source (>= 0.8.1)
      methodfinder (>= 1.2.5)
      ori (~> 0.1.0)
      paint (>= 0.8.5)
      wirb (>= 0.4.3)
      zucker (>= 12.1)
    jbuilder (1.0.2)
      activesupport (>= 3.0.0)
    jquery-rails (2.2.1)
      railties (>= 3.0, < 5.0)
      thor (>= 0.14, < 2.0)
    json (1.7.7)
    kgio (2.8.0)
    launchy (2.2.0)
      addressable (~> 2.3)
    listen (0.7.3)
    lumberjack (1.0.2)
    mail (2.5.3)
      i18n (>= 0.4.0)
      mime-types (~> 1.16)
      treetop (~> 1.4.8)
    method_locator (0.0.4)
    method_source (0.8.1)
    methodfinder (1.2.5)
    mime-types (1.21)
    minitest (4.6.1)
    multi_json (1.6.1)
    netrc (0.7.7)
    ori (0.1.0)
    paint (0.8.5)
    pg (0.15.1)
    polyglot (0.3.3)
    pry (0.9.12)
      coderay (~> 1.0.5)
      method_source (~> 0.8)
      slop (~> 3.4)
    rack (1.5.2)
    rack-test (0.6.2)
      rack (>= 1.0)
    rails (4.0.0.beta1)
      actionmailer (= 4.0.0.beta1)
      actionpack (= 4.0.0.beta1)
      activerecord (= 4.0.0.beta1)
      activesupport (= 4.0.0.beta1)
      bundler (>= 1.3.0, < 2.0)
      railties (= 4.0.0.beta1)
      sprockets-rails (~> 2.0.0.rc3)
    railties (4.0.0.beta1)
      actionpack (= 4.0.0.beta1)
      activesupport (= 4.0.0.beta1)
      rake (>= 0.8.7)
      rdoc (~> 3.4)
      thor (>= 0.17.0, < 2.0)
    raindrops (0.10.0)
    rake (10.0.3)
    rb-fsevent (0.9.3)
    rdoc (3.12.2)
      json (~> 1.4)
    rest-client (1.6.7)
      mime-types (>= 1.16)
    rubyzip (0.9.9)
    sass (3.2.6)
    sass-rails (4.0.0.beta1)
      railties (>= 4.0.0.beta, < 5.0)
      sass (>= 3.1.10)
      sprockets-rails (~> 2.0.0.rc0)
      tilt (~> 1.3)
    slop (3.4.3)
    spoon (0.0.1)
    sprockets (2.9.0)
      hike (~> 1.2)
      multi_json (~> 1.0)
      rack (~> 1.0)
      tilt (~> 1.1, != 1.3.0)
    sprockets-rails (2.0.0.rc3)
      actionpack (>= 3.0)
      activesupport (>= 3.0)
      sprockets (~> 2.8)
    sqlite3 (1.3.7)
    sys-uname (0.9.1)
      ffi (>= 1.0.0)
    terminal-table (1.4.5)
    thor (0.17.0)
    thread_safe (0.1.0)
      atomic
    tilt (1.3.3)
    treetop (1.4.12)
      polyglot
      polyglot (>= 0.3.1)
    turbolinks (1.0.0)
      coffee-rails
    tzinfo (0.3.35)
    uglifier (1.3.0)
      execjs (>= 0.3.0)
      multi_json (~> 1.0, >= 1.0.2)
    unicode-display_width (0.1.1)
    unicorn (4.6.2)
      kgio (~> 2.6)
      rack
      raindrops (~> 0.7)
    wirb (1.0.1)
      paint
    zucker (12.1)

PLATFORMS
  ruby

DEPENDENCIES
  ZenTest
  autotest-fsevent
  autotest-growl
  autotest-rails
  bcrypt-ruby (~> 3.0.1)
  coderay (~> 1.0.9)
  coffee-rails (~> 4.0.0.beta1)
  growl
  guard
  guard-bundler
  guard-livereload
  guard-rails
  heroku
  irbtools
  jbuilder (~> 1.0.1)
  jquery-rails
  pg (~> 0.15.1)
  rails (= 4.0.0.beta1)
  rb-fsevent (~> 0.9.3)
  sass-rails (~> 4.0.0.beta1)
  sqlite3
  turbolinks
  uglifier (>= 1.0.3)
  unicorn
  wirb
